PATH
  remote: .
  specs:
    aoc (0.0.0)
      nokogiri (~> 1.6, >= 1.6.8)
      thor (~> 0.19.1)

GEM
  remote: https://rubygems.org/
  specs:
    mini_portile2 (2.3.0)
    minitest (5.8.5)
    nokogiri (1.8.5)
      mini_portile2 (~> 2.3.0)
    rake (10.4.2)
    thor (0.19.4)

PLATFORMS
  ruby

DEPENDENCIES
  aoc!
  bundler (~> 1.17)
  minitest (~> 5.0)
  rake (~> 10.0)

BUNDLED WITH
   1.17.1
