PATH
  remote: .
  specs:
    aoc (0.1.0)
      thor (~> 0.19.1)

GEM
  remote: https://rubygems.org/
  specs:
    minitest (5.8.5)
    rake (10.4.2)
    thor (0.19.4)

PLATFORMS
  ruby

DEPENDENCIES
  aoc!
  bundler (~> 1.17)
  minitest (~> 5.0)
  rake (~> 10.0)

BUNDLED WITH
   1.17.1
